STORAGE: NONE
NUGET
  remote: https://api.nuget.org/v3/index.json
    FSharp.Core (4.7.2)
    FSharp.Json (0.4)
      FSharp.Core (>= 4.6.2) - restriction: >= netstandard2.0
